GEM
  remote: https://rubygems.org/
  specs:
    nio4r (2.7.4)
    puma (5.6.9)
      nio4r (~> 2.0)
    rack (2.2.6.4)

PLATFORMS
  ruby

DEPENDENCIES
  puma (~> 5.6)
  rack (~> 2.2)

BUNDLED WITH
   2.5.22
