GEM
  remote: https://rubygems.org/
  specs:
    nio4r (2.5.8)
    puma (4.3.12)
      nio4r (~> 2.0)
    rack (2.1.4.2)

PLATFORMS
  ruby

DEPENDENCIES
  puma (~> 4.3)
  rack (~> 2.1)

BUNDLED WITH
   1.17.1
